GEM
  remote: https://rubygems.org/
  specs:
    base64 (0.2.0)
    bigdecimal (3.1.9)
    daemons (1.4.1)
    dotenv (3.1.8)
    eventmachine (1.2.7)
    json (2.10.2)
    mqtt (0.6.0)
    multi_json (1.15.0)
    mustermann (3.0.3)
      ruby2_keywords (~> 0.0.1)
    pg (1.5.9)
    rack (2.2.13)
    rack-protection (3.2.0)
      base64 (>= 0.1.0)
      rack (~> 2.2, >= 2.2.4)
    ruby2_keywords (0.0.5)
    sequel (5.91.0)
      bigdecimal
    sinatra (3.2.0)
      mustermann (~> 3.0)
      rack (~> 2.2, >= 2.2.4)
      rack-protection (= 3.2.0)
      tilt (~> 2.0)
    sinatra-contrib (3.2.0)
      multi_json (>= 0.0.2)
      mustermann (~> 3.0)
      rack-protection (= 3.2.0)
      sinatra (= 3.2.0)
      tilt (~> 2.0)
    thin (1.8.2)
      daemons (~> 1.0, >= 1.0.9)
      eventmachine (~> 1.0, >= 1.0.4)
      rack (>= 1, < 3)
    thread (0.2.2)
    tilt (2.6.0)

PLATFORMS
  arm64-darwin-23
  ruby

DEPENDENCIES
  dotenv
  json
  mqtt
  pg
  sequel
  sinatra
  sinatra-contrib
  thin
  thread

BUNDLED WITH
   2.5.12
